GEM
  remote: https://rubygems.org/
  specs:
    builder (3.2.2)
    childprocess (3.0.0)
    diff-lcs (1.2.4)
    httparty (0.11.0)
      multi_json (~> 1.0)
      multi_xml (>= 0.5.2)
    json (1.7.7)
    multi_json (1.13.1)
    multi_xml (0.5.5)
    rspec (2.14.1)
      rspec-core (~> 2.14.0)
      rspec-expectations (~> 2.14.0)
      rspec-mocks (~> 2.14.0)
    rspec-core (2.14.5)
    rspec-expectations (2.14.2)
      diff-lcs (>= 1.1.3, < 2.0)
    rspec-mocks (2.14.3)
    rubyzip (2.0.0)
    selenium-webdriver (3.142.6)
      childprocess (>= 0.5, < 4.0)
      rubyzip (>= 1.2.2)
    watir-webdriver (0.6.4)
      selenium-webdriver (>= 2.18.0)
    watir-webdriver-performance (0.2.2)
      watir-webdriver

PLATFORMS
  ruby

DEPENDENCIES
  builder
  httparty
  json (~> 1.7.7)
  rspec
  watir-webdriver
  watir-webdriver-performance
